PATH
  remote: .
  specs:
    whalespeak (0.0.1)

GEM
  remote: https://rubygems.org/
  specs:
    addressable (2.5.1)
      public_suffix (~> 2.0, >= 2.0.2)
    json-schema (2.8.0)
      addressable (>= 2.4)
    public_suffix (2.0.5)
    rake (12.0.0)
    rake_tasks (5.1.0)
      rake
    trollop (2.1.2)

PLATFORMS
  ruby

DEPENDENCIES
  json-schema
  rake_tasks
  trollop
  whalespeak!

BUNDLED WITH
   1.14.6
